PATH
  remote: .
  specs:
    omnicontacts (0.3.9)
      json
      rack

GEM
  remote: http://rubygems.org/
  specs:
    diff-lcs (1.1.3)
    json (1.8.3)
    multi_json (1.1.0)
    rack (1.4.1)
    rack-test (0.6.1)
      rack (>= 1.0)
    rake (0.9.2.2)
    rspec (2.8.0)
      rspec-core (~> 2.8.0)
      rspec-expectations (~> 2.8.0)
      rspec-mocks (~> 2.8.0)
    rspec-core (2.8.0)
    rspec-expectations (2.8.0)
      diff-lcs (~> 1.1.2)
    rspec-mocks (2.8.0)
    simplecov (0.6.1)
      multi_json (~> 1.0)
      simplecov-html (~> 0.5.3)
    simplecov-html (0.5.3)

PLATFORMS
  ruby

DEPENDENCIES
  omnicontacts!
  rack-test
  rake
  rspec
  simplecov

BUNDLED WITH
   1.10.6
